GEM
  remote: http://rubygems.org/
  specs:
    json (2.0.2)
    rack (2.0.3)
    sequel (5.0.0)

PLATFORMS
  ruby

DEPENDENCIES
  json
  rack
  sequel

RUBY VERSION
   ruby 2.4.1p111

BUNDLED WITH
   1.15.4
