GEM
  remote: http://rubygems.org/
  specs:
    faker (1.8.4)
      i18n (~> 0.5)
    i18n (0.8.6)
    json (2.0.2)
    mysql2 (0.4.9)
    rack (2.0.3)
    sequel (5.0.0)

PLATFORMS
  ruby

DEPENDENCIES
  faker
  json
  mysql2
  rack
  sequel

RUBY VERSION
   ruby 2.4.1p111

BUNDLED WITH
   1.15.4
