GEM
  remote: http://rubygems.org/
  specs:
    addressable (2.5.2)
      public_suffix (>= 2.0.2, < 4.0)
    bcrypt (3.1.11)
    faker (1.8.4)
      i18n (~> 0.5)
    i18n (0.8.6)
    json (2.0.2)
    logger (1.2.8)
    mysql2 (0.4.9)
    public_suffix (3.0.0)
    rack (2.0.3)
    rake (12.0.0)
    sequel (5.0.0)
    sequel_enum (0.1.1)
      sequel

PLATFORMS
  ruby

DEPENDENCIES
  addressable
  bcrypt
  faker
  json
  logger
  mysql2
  rack
  rake
  sequel
  sequel_enum

RUBY VERSION
   ruby 2.4.1p111

BUNDLED WITH
   1.15.4
