GEM
  remote: http://rubygems.org/
  specs:
    json (2.0.2)
    rack (2.0.3)

PLATFORMS
  ruby

DEPENDENCIES
  json
  rack

RUBY VERSION
   ruby 2.4.1p111

BUNDLED WITH
   1.15.4
